GIT
  remote: https://github.com/blaine/xmpp4r-simple.git
  revision: 92e2cd0002ec3a9a38506527e1a3a2d622408626
  specs:
    xmpp4r-simple (0.8.8)
      xmpp4r (>= 0.3.2)

GEM
  remote: http://rubygems.org/
  specs:
    daemons (1.2.4)
    session (3.2.0)
    xmpp4r (0.5.6)

PLATFORMS
  ruby

DEPENDENCIES
  daemons
  session
  xmpp4r-simple!

BUNDLED WITH
   1.15.1
